ObjectType = Image
NDims = 3
BinaryData = True
BinaryDataByteOrderMSB = False
Offset = 0 0 0
ElementSpacing = 0.352 0.352 0.8
DimSize = 256 256 56
ElementNumberOfChannels = 3
ElementType = MET_FLOAT
ElementDataFile = brain.pd
